PATH
  remote: .
  specs:
    google-ads-common (0.8.2)
      httpi (~> 1.1.0)
      oauth (~> 0.4.5)
      savon (~> 1.2.0)

GEM
  remote: http://rubygems.org/
  specs:
    akami (1.2.0)
      gyoku (>= 0.4.0)
      nokogiri (>= 1.4.0)
    builder (3.1.4)
    gyoku (0.4.6)
      builder (>= 2.1.2)
    httpi (1.1.1)
      rack
    minitest (3.0.1)
    nokogiri (1.5.5)
    nori (1.1.3)
    oauth (0.4.7)
    rack (1.4.1)
    rake (0.9.2.2)
    savon (1.2.0)
      akami (~> 1.2.0)
      builder (>= 2.1.2)
      gyoku (~> 0.4.5)
      httpi (~> 1.1.0)
      nokogiri (>= 1.4.0)
      nori (~> 1.1.0)
      wasabi (~> 2.5.0)
    wasabi (2.5.1)
      httpi (~> 1.0)
      nokogiri (>= 1.4.0)

PLATFORMS
  ruby

DEPENDENCIES
  google-ads-common!
  minitest
  rake
